PATH
  remote: .
  specs:
    committee (0.1)
      rack (> 0.0)

GEM
  remote: https://rubygems.org/
  specs:
    rack (1.5.2)

PLATFORMS
  ruby

DEPENDENCIES
  committee!
