PATH
  remote: .
  specs:
    committee (0.4.14)
      json_schema (> 0.0)
      multi_json (> 0.0)
      rack (> 0.0)

GEM
  remote: https://rubygems.org/
  specs:
    coderay (1.0.9)
    columnize (0.3.6)
    debugger (1.6.3)
      columnize (>= 0.3.1)
      debugger-linecache (~> 1.2.0)
      debugger-ruby_core_source (~> 1.2.4)
    debugger-linecache (1.2.0)
    debugger-ruby_core_source (1.2.4)
    json_schema (0.0.3)
    method_source (0.8.1)
    minitest (5.3.2)
    multi_json (1.10.0)
    pry (0.9.12.6)
      coderay (~> 1.0)
      method_source (~> 0.8)
      slop (~> 3.4)
    pry-debugger (0.2.2)
      debugger (~> 1.3)
      pry (~> 0.9.10)
    rack (1.5.2)
    rack-test (0.6.2)
      rack (>= 1.0)
    rake (10.2.2)
    slop (3.4.5)

PLATFORMS
  ruby

DEPENDENCIES
  committee!
  minitest
  pry
  pry-debugger
  rack-test
  rake
