PATH
  remote: .
  specs:
    committee (0.4.2)
      multi_json (> 0.0)
      rack (> 0.0)

GEM
  remote: https://rubygems.org/
  specs:
    columnize (0.3.6)
    debugger (1.6.6)
      columnize (>= 0.3.1)
      debugger-linecache (~> 1.2.0)
      debugger-ruby_core_source (~> 1.3.2)
    debugger-linecache (1.2.0)
    debugger-ruby_core_source (1.3.2)
    minitest (5.0.8)
    multi_json (1.9.0)
    rack (1.5.2)
    rack-test (0.6.2)
      rack (>= 1.0)
    rake (10.1.0)

PLATFORMS
  ruby

DEPENDENCIES
  committee!
  debugger
  minitest
  rack-test
  rake
