PATH
  remote: ..
  specs:
    committee (0.4.13)
      multi_json (> 0.0)
      rack (> 0.0)

GEM
  remote: https://rubygems.org/
  specs:
    multi_json (1.9.3)
    rack (1.5.2)
    rack-protection (1.5.3)
      rack
    sinatra (1.4.5)
      rack (~> 1.4)
      rack-protection (~> 1.4)
      tilt (~> 1.3, >= 1.3.4)
    tilt (1.4.1)

PLATFORMS
  ruby

DEPENDENCIES
  committee!
  sinatra
